GEM
  remote: https://rubygems.org/
  specs:
    csv (3.2.8)
    diff-lcs (1.5.1)
    fiddle (1.1.2)
    net-http (0.4.1)
      uri
    ostruct (0.6.0)
    rspec (3.13.0)
      rspec-core (~> 3.13.0)
      rspec-expectations (~> 3.13.0)
      rspec-mocks (~> 3.13.0)
    rspec-core (3.13.1)
      rspec-support (~> 3.13.0)
    rspec-expectations (3.13.3)
      diff-lcs (>= 1.2.0, < 2.0)
      rspec-support (~> 3.13.0)
    rspec-mocks (3.13.2)
      diff-lcs (>= 1.2.0, < 2.0)
      rspec-support (~> 3.13.0)
    rspec-support (3.13.1)
    uri (0.13.1)

PLATFORMS
  x64-mingw-ucrt

DEPENDENCIES
  csv
  fiddle
  net-http
  ostruct
  rspec (~> 3.0)

BUNDLED WITH
   2.5.16
